GEM
  remote: https://rubygems.org/
  specs:
    diff-lcs (1.2.5)
    hashr (0.0.22)
    highline (1.6.21)
    net-ssh (2.8.0)
    rake (10.2.2)
    rspec (2.14.1)
      rspec-core (~> 2.14.0)
      rspec-expectations (~> 2.14.0)
      rspec-mocks (~> 2.14.0)
    rspec-core (2.14.8)
    rspec-expectations (2.14.5)
      diff-lcs (>= 1.1.3, < 2.0)
    rspec-mocks (2.14.6)
    safe_yaml (0.9.7)
    serverspec (1.3.0)
      highline
      net-ssh
      rspec (~> 2.13)
      specinfra (>= 1.2.0)
    specinfra (1.3.0)
    travis-lint (1.8.0)
      hashr (~> 0.0.22)
      safe_yaml (~> 0.9.0)
    vagrant-wrapper (1.2.1.1)

PLATFORMS
  ruby

DEPENDENCIES
  rake
  serverspec
  travis-lint
  vagrant-wrapper
